GEM
  remote: https://rubygems.org/
  specs:
    connection_pool (2.4.0)
    crass (1.0.6)
    daemons (1.4.1)
    dotenv (2.8.1)
    eventmachine (1.2.7)
    foreman (0.87.2)
    httparty (0.21.0)
      mini_mime (>= 1.0.0)
      multi_xml (>= 0.5.2)
    mini_mime (1.1.2)
    mini_portile2 (2.8.1)
    multi_xml (0.6.0)
    mustermann (3.0.0)
      ruby2_keywords (~> 0.0.1)
    nokogiri (1.14.3)
      mini_portile2 (~> 2.8.0)
      racc (~> 1.4)
    racc (1.6.2)
    rack (2.2.7)
    rack-protection (3.0.6)
      rack
    redis (5.0.6)
      redis-client (>= 0.9.0)
    redis-client (0.14.1)
      connection_pool
    ruby2_keywords (0.0.5)
    sanitize (6.0.1)
      crass (~> 1.0.2)
      nokogiri (>= 1.12.0)
    sinatra (3.0.6)
      mustermann (~> 3.0)
      rack (~> 2.2, >= 2.2.4)
      rack-protection (= 3.0.6)
      tilt (~> 2.0)
    text (1.3.1)
    thin (1.8.2)
      daemons (~> 1.0, >= 1.0.9)
      eventmachine (~> 1.0, >= 1.0.4)
      rack (>= 1, < 3)
    tilt (2.1.0)

PLATFORMS
  ruby

DEPENDENCIES
  dotenv
  foreman
  httparty
  redis
  sanitize
  sinatra
  text
  thin

RUBY VERSION
   ruby 3.1.2p20

BUNDLED WITH
   1.17.2
